GEM
  remote: https://rubygems.org/
  specs:
    activemodel (5.2.3)
      activesupport (= 5.2.3)
    activerecord (5.2.3)
      activemodel (= 5.2.3)
      activesupport (= 5.2.3)
      arel (>= 9.0)
    activesupport (5.2.3)
      concurrent-ruby (~> 1.0, >= 1.0.2)
      i18n (>= 0.7, < 2)
      minitest (~> 5.1)
      tzinfo (~> 1.1)
    ansi (1.5.0)
    arel (9.0.0)
    bcrypt (3.1.13)
    builder (3.2.3)
    concurrent-ruby (1.1.5)
    ffi (1.11.1)
    i18n (1.6.0)
      concurrent-ruby (~> 1.0)
    minitest (5.11.3)
    minitest-reporters (1.3.6)
      ansi
      builder
      minitest (>= 5.0)
      ruby-progressbar
    multi_json (1.13.1)
    mustermann (2.0.2)
      ruby2_keywords (~> 0.0.1)
    mysql2 (0.5.2)
    rack (2.2.4)
    rack-flash3 (1.0.5)
      rack
    rack-protection (2.2.3)
      rack
    rack-test (1.1.0)
      rack (>= 1.0, < 3)
    rake (12.3.2)
    rb-fsevent (0.10.3)
    rb-inotify (0.10.0)
      ffi (~> 1.0)
    redcarpet (3.4.0)
    rouge (3.11.1)
    ruby-progressbar (1.10.1)
    ruby2_keywords (0.0.5)
    sass (3.7.4)
      sass-listen (~> 4.0.0)
    sass-listen (4.0.0)
      rb-fsevent (~> 0.9, >= 0.9.4)
      rb-inotify (~> 0.9, >= 0.9.7)
    sinatra (2.2.3)
      mustermann (~> 2.0)
      rack (~> 2.2)
      rack-protection (= 2.2.3)
      tilt (~> 2.0)
    sinatra-activerecord (2.0.26)
      activerecord (>= 4.1)
      sinatra (>= 1.0)
    sinatra-contrib (2.2.3)
      multi_json
      mustermann (~> 2.0)
      rack-protection (= 2.2.3)
      sinatra (= 2.2.3)
      tilt (~> 2.0)
    slim (4.0.1)
      temple (>= 0.7.6, < 0.9)
      tilt (>= 2.0.6, < 2.1)
    temple (0.8.1)
    thread_safe (0.3.6)
    tilt (2.0.11)
    tzinfo (1.2.5)
      thread_safe (~> 0.1)
    will_paginate (3.1.8)

PLATFORMS
  ruby

DEPENDENCIES
  activerecord
  bcrypt
  minitest
  minitest-reporters
  mysql2
  rack-flash3
  rack-test
  rake
  redcarpet
  rouge
  sass
  sinatra
  sinatra-activerecord
  sinatra-contrib
  slim
  will_paginate

BUNDLED WITH
   2.0.1
